PATH
  remote: .
  specs:
    console-shogi (0.1.0)

GEM
  remote: https://rubygems.org/
  specs:
    coderay (1.1.3)
    matrix (0.4.2)
    method_source (1.0.0)
    pastel (0.8.0)
      tty-color (~> 0.5)
    pry (0.14.2)
      coderay (~> 1.1)
      method_source (~> 1.0)
    rake (13.0.6)
    tty-color (0.6.0)
    tty-cursor (0.7.1)
    tty-prompt (0.23.1)
      pastel (~> 0.8)
      tty-reader (~> 0.8)
    tty-reader (0.9.0)
      tty-cursor (~> 0.7)
      tty-screen (~> 0.8)
      wisper (~> 2.0)
    tty-screen (0.8.1)
    wisper (2.0.1)

PLATFORMS
  arm64-darwin-21

DEPENDENCIES
  console-shogi!
  matrix (~> 0.4.2)
  pry (~> 0.14.2)
  rake (~> 13.0)
  tty-prompt (~> 0.23.1)

BUNDLED WITH
   2.4.12
