PATH
  remote: .
  specs:
    console-shogi (0.1.0)

GEM
  remote: https://rubygems.org/
  specs:
    coderay (1.1.3)
    matrix (0.4.2)
    method_source (1.0.0)
    pry (0.14.2)
      coderay (~> 1.1)
      method_source (~> 1.0)
    rake (13.0.6)

PLATFORMS
  arm64-darwin-21

DEPENDENCIES
  console-shogi!
  matrix (~> 0.4.2)
  pry (~> 0.14.2)
  rake (~> 13.0)

BUNDLED WITH
   2.4.12
